GEM
  remote: http://rubygems.org/
  specs:
    addressable (2.2.6)
    coderay (0.9.8)
    data_objects (0.10.7)
      addressable (~> 2.1)
    dm-core (1.2.0)
      addressable (~> 2.2.6)
    dm-do-adapter (1.2.0)
      data_objects (~> 0.10.6)
      dm-core (~> 1.2.0)
    dm-is-reflective (1.0.0)
      dm-core
      dm-do-adapter
    dm-migrations (1.2.0)
      dm-core (~> 1.2.0)
    dm-sqlite-adapter (1.2.0)
      dm-do-adapter (~> 1.2.0)
      do_sqlite3 (~> 0.10.6)
    do_sqlite3 (0.10.7)
      data_objects (= 0.10.7)
    faraday (0.7.5)
      addressable (~> 2.2.6)
      multipart-post (~> 1.1.3)
      rack (< 2, >= 1.1.0)
    json (1.6.1)
    memcache-client (1.8.5)
    method_source (0.6.6)
      ruby_parser (~> 2.0.5)
    minitest (2.6.2)
    multi_json (1.0.3)
    multipart-post (1.1.3)
    oauth2 (0.5.1)
      faraday (~> 0.7.4)
      multi_json (~> 1.0.3)
    pry (0.9.6.2)
      coderay (~> 0.9.8)
      method_source (~> 0.6.5)
      ruby_parser (~> 2.0.5)
      slop (~> 2.1.0)
    rack (1.3.5)
    rack-protection (1.1.4)
      rack
    rack-test (0.6.1)
      rack (>= 1.0)
    ruby_parser (2.0.6)
      sexp_processor (~> 3.0)
    sexp_processor (3.0.7)
    sinatra (1.3.1)
      rack (>= 1.3.4, ~> 1.3)
      rack-protection (>= 1.1.2, ~> 1.1)
      tilt (>= 1.3.3, ~> 1.3)
    sinatra-route-group (0.0.0)
    slop (2.1.0)
    tilt (1.3.3)

PLATFORMS
  ruby

DEPENDENCIES
  dm-core (~> 1.2.0.rc2)
  dm-is-reflective (~> 1.0.0)
  dm-migrations (~> 1.2.0.rc2)
  dm-sqlite-adapter (~> 1.2.0.rc2)
  json
  memcache-client
  minitest
  oauth2
  pry
  rack-test
  sinatra
  sinatra-route-group
