GEM
  remote: http://rubygems.org/
  specs:
    addressable (2.2.6)
    faraday (0.7.5)
      addressable (~> 2.2.6)
      multipart-post (~> 1.1.3)
      rack (>= 1.1.0, < 2)
    memcache-client (1.8.5)
    multi_json (1.0.3)
    multipart-post (1.1.3)
    oauth2 (0.5.1)
      faraday (~> 0.7.4)
      multi_json (~> 1.0.3)
    rack (1.3.4)
    rack-protection (1.1.4)
      rack
    sinatra (1.3.1)
      rack (>= 1.3.4, ~> 1.3)
      rack-protection (>= 1.1.2, ~> 1.1)
      tilt (>= 1.3.3, ~> 1.3)
    tilt (1.3.3)

PLATFORMS
  ruby

DEPENDENCIES
  memcache-client
  oauth2
  sinatra
